GEM
  remote: https://rubygems.org/
  specs:
    commander (4.3.2)
      highline (~> 1.7.1)
    highline (1.7.1)
    httparty (0.13.5)
      json (~> 1.8)
      multi_xml (>= 0.5.2)
    json (1.8.3)
    multi_xml (0.5.5)

PLATFORMS
  ruby

DEPENDENCIES
  commander
  httparty
